GEM
  remote: https://rubygems.org/
  specs:
    geocoder (1.4.0)
    rack (2.2.3)
    roda (2.19.0)
      rack
    tilt (2.0.5)

PLATFORMS
  ruby

DEPENDENCIES
  geocoder
  roda
  tilt

BUNDLED WITH
   1.10.6
