GEM
  remote: https://rubygems.org/
  specs:
    geocoder (1.4.0)
    rack (1.6.4)
    roda (2.19.0)
      rack
    tilt (2.0.5)

PLATFORMS
  ruby

DEPENDENCIES
  geocoder
  rack (= 1.6.4)
  roda
  tilt

BUNDLED WITH
   1.10.6
